GEM
  remote: https://rubygems.org/
  specs:
    backports (2.6.4)
    builder (3.1.4)
    coderay (1.0.9)
    daemons (1.1.6)
    eventmachine (1.0.3)
    eventmachine (1.0.3-x86-mingw32)
    haml (3.1.4)
    method_source (0.8.2)
    pry (0.9.12.2)
      coderay (~> 1.0.5)
      method_source (~> 0.8)
      slop (~> 3.4)
    rack (1.4.1)
    rack-protection (1.2.0)
      rack
    rack-test (0.6.2)
      rack (>= 1.0)
    rake (0.9.2.2)
    redcarpet (2.1.0)
    sinatra (1.3.2)
      rack (~> 1.3, >= 1.3.6)
      rack-protection (~> 1.2)
      tilt (~> 1.3, >= 1.3.3)
    sinatra-contrib (1.3.1)
      backports (>= 2.0)
      eventmachine
      rack-protection
      rack-test
      sinatra (~> 1.3.0)
      tilt (~> 1.3)
    sinatra-subdomain (0.1.2)
      sinatra
    slop (3.4.6)
    thin (1.3.1)
      daemons (>= 1.0.9)
      eventmachine (>= 0.12.6)
      rack (>= 1.0.0)
    tilt (1.3.3)

PLATFORMS
  ruby
  x86-mingw32

DEPENDENCIES
  builder
  haml
  pry
  rake
  redcarpet
  sinatra
  sinatra-contrib
  sinatra-subdomain
  thin
